GEM
  remote: http://rubygems.org/
  specs:
    coderay (1.1.2)
    ffaker (2.13.0)
    method_source (0.9.2)
    pry (0.12.2)
      coderay (~> 1.1.0)
      method_source (~> 0.9.0)
    pry-nav (0.3.0)
      pry (>= 0.9.10, < 0.13.0)
    tiny_tds (2.1.2-x64-mingw32)

PLATFORMS
  x64-mingw32

DEPENDENCIES
  ffaker
  pry
  pry-nav
  tiny_tds (~> 2.1, >= 2.1.2)

BUNDLED WITH
   2.1.4
